GEM
  remote: http://rubygems.org/
  specs:
    diff-lcs (1.5.0)
    facter (1.7.6)
    hiera-puppet-helper (1.0.1)
    mocha (2.0.2)
      ruby2_keywords (>= 0.0.5)
    puppet (2.7.23)
      facter (~> 1.5)
    puppet-lint (0.3.2)
    puppet-syntax (2.6.0)
      rake
    puppetlabs_spec_helper (1.1.1)
      mocha
      puppet-lint
      puppet-syntax
      rake
      rspec-puppet
    rake (10.1.0)
    rspec (3.12.0)
      rspec-core (~> 3.12.0)
      rspec-expectations (~> 3.12.0)
      rspec-mocks (~> 3.12.0)
    rspec-core (3.12.2)
      rspec-support (~> 3.12.0)
    rspec-expectations (3.12.3)
      diff-lcs (>= 1.2.0, < 2.0)
      rspec-support (~> 3.12.0)
    rspec-mocks (3.12.5)
      diff-lcs (>= 1.2.0, < 2.0)
      rspec-support (~> 3.12.0)
    rspec-puppet (3.0.0)
      rspec
    rspec-support (3.12.0)
    ruby2_keywords (0.0.5)

PLATFORMS
  ruby

DEPENDENCIES
  hiera-puppet-helper
  puppet (~> 2.7)
  puppet-lint
  puppetlabs_spec_helper
  rake
